GEM
  remote: https://rubygems.org/
  specs:
    actionpack (4.1.9)
      actionview (= 4.1.9)
      activesupport (= 4.1.9)
      rack (~> 1.5.2)
      rack-test (~> 0.6.2)
    actionview (4.1.9)
      activesupport (= 4.1.9)
      builder (~> 3.1)
      erubis (~> 2.7.0)
    activesupport (4.1.9)
      i18n (~> 0.6, >= 0.6.9)
      json (~> 1.7, >= 1.7.7)
      minitest (~> 5.1)
      thread_safe (~> 0.1)
      tzinfo (~> 1.1)
    atomic (1.1.99)
    builder (3.2.2)
    erubis (2.7.0)
    hike (1.2.3)
    i18n (0.7.0)
    js-routes (1.0.0)
      railties (>= 3.2)
      sprockets-rails
    json (1.8.2)
    minitest (5.4.3)
    multi_json (1.10.1)
    p4ruby (2014.2.0.pre2)
    rack (1.5.2)
    rack-test (0.6.3)
      rack (>= 1.0)
    railties (4.1.9)
      actionpack (= 4.1.9)
      activesupport (= 4.1.9)
      rake (>= 0.8.7)
      thor (>= 0.18.1, < 2.0)
    rake (10.4.2)
    sprockets (2.12.1)
      hike (~> 1.2)
      multi_json (~> 1.0)
      rack (~> 1.0)
      tilt (~> 1.1, != 1.3.0)
    sprockets-rails (2.2.4)
      actionpack (>= 3.0)
      activesupport (>= 3.0)
      sprockets (>= 2.8, < 4.0)
    thor (0.19.1)
    thread_safe (0.3.4)
    tilt (1.4.1)
    tzinfo (1.2.2)
      thread_safe (~> 0.1)

PLATFORMS
  ruby

DEPENDENCIES
  atomic
  js-routes (~> 1.0.0)
  p4ruby (= 2014.2.0.pre2)
