PATH
  remote: perforce_swarm
  specs:
    perforce_swarm (2015.1.pre.beta)
      rails (~> 4.1.1)

GEM
  remote: https://rubygems.org/
  specs:
    CFPropertyList (2.3.0)
    RedCloth (4.2.9)
    ace-rails-ap (3.0.2)
    actionmailer (4.1.9)
      actionpack (= 4.1.9)
      actionview (= 4.1.9)
      mail (~> 2.5, >= 2.5.4)
    actionpack (4.1.9)
      actionview (= 4.1.9)
      activesupport (= 4.1.9)
      rack (~> 1.5.2)
      rack-test (~> 0.6.2)
    actionview (4.1.9)
      activesupport (= 4.1.9)
      builder (~> 3.1)
      erubis (~> 2.7.0)
    activemodel (4.1.9)
      activesupport (= 4.1.9)
      builder (~> 3.1)
    activerecord (4.1.9)
      activemodel (= 4.1.9)
      activesupport (= 4.1.9)
      arel (~> 5.0.0)
    activeresource (4.0.0)
      activemodel (~> 4.0)
      activesupport (~> 4.0)
      rails-observers (~> 0.1.1)
    activesupport (4.1.9)
      i18n (~> 0.6, >= 0.6.9)
      json (~> 1.7, >= 1.7.7)
      minitest (~> 5.1)
      thread_safe (~> 0.1)
      tzinfo (~> 1.1)
    acts-as-taggable-on (3.5.0)
      activerecord (>= 3.2, < 5)
    addressable (2.3.7)
    annotate (2.6.5)
      activerecord (>= 2.3.0)
      rake (>= 0.8.7)
    arel (5.0.1.20140414130214)
    asana (0.0.6)
      activeresource (>= 3.2.3)
    asciidoctor (0.1.4)
    ast (2.0.0)
    astrolabe (1.3.0)
      parser (>= 2.2.0.pre.3, < 3.0)
    atomic (1.1.99)
    attr_required (1.0.0)
    autoprefixer-rails (5.1.7)
      execjs
      json
    awesome_print (1.6.1)
    axiom-types (0.1.1)
      descendants_tracker (~> 0.0.4)
      ice_nine (~> 0.11.0)
      thread_safe (~> 0.3, >= 0.3.1)
    bcrypt (3.1.10)
    better_errors (2.1.1)
      coderay (>= 1.0.0)
      erubis (>= 2.6.6)
      rack (>= 0.9.0)
    binding_of_caller (0.7.2)
      debug_inspector (>= 0.0.1)
    bootstrap-sass (3.3.3)
      autoprefixer-rails (>= 5.0.0.1)
      sass (>= 3.2.19)
    brakeman (3.0.1)
      erubis (~> 2.6)
      fastercsv (~> 1.5)
      haml (>= 3.0, < 5.0)
      highline (~> 1.6.20)
      multi_json (~> 1.2)
      ruby2ruby (~> 2.1.1)
      ruby_parser (~> 3.5.0)
      sass (~> 3.0)
      terminal-table (~> 1.4)
    browser (0.8.0)
    builder (3.2.2)
    byebug (3.5.1)
      columnize (~> 0.8)
      debugger-linecache (~> 1.2)
      slop (~> 3.6)
    cal-heatmap-rails (0.0.1)
    capybara (2.2.1)
      mime-types (>= 1.16)
      nokogiri (>= 1.3.3)
      rack (>= 1.0.0)
      rack-test (>= 0.5.4)
      xpath (~> 2.0)
    carrierwave (0.10.0)
      activemodel (>= 3.2.0)
      activesupport (>= 3.2.0)
      json (>= 1.7)
      mime-types (>= 1.16)
    celluloid (0.16.0)
      timers (~> 4.0.0)
    charlock_holmes (0.6.9.4)
    cliver (0.3.2)
    coderay (1.1.0)
    coercible (1.0.0)
      descendants_tracker (~> 0.0.1)
    coffee-rails (4.1.0)
      coffee-script (>= 2.2.0)
      railties (>= 4.0.0, < 5.0)
    coffee-script (2.3.0)
      coffee-script-source
      execjs
    coffee-script-source (1.9.1)
    colored (1.2)
    colorize (0.7.5)
    columnize (0.9.0)
    connection_pool (2.1.2)
    coveralls (0.7.11)
      multi_json (~> 1.10)
      rest-client (>= 1.6.8, < 2)
      simplecov (~> 0.9.1)
      term-ansicolor (~> 1.3)
      thor (~> 0.19.1)
    crack (0.4.2)
      safe_yaml (~> 1.0.0)
    creole (0.3.8)
    d3_rails (3.1.10)
      railties (>= 3.1.0)
    daemons (1.1.9)
    database_cleaner (1.4.0)
    debug_inspector (0.0.2)
    debugger-linecache (1.2.0)
    default_value_for (3.0.1)
      activerecord (>= 3.2.0, < 5.0)
    descendants_tracker (0.0.4)
      thread_safe (~> 0.3, >= 0.3.1)
    devise (3.2.4)
      bcrypt (~> 3.0)
      orm_adapter (~> 0.1)
      railties (>= 3.2.6, < 5)
      thread_safe (~> 0.1)
      warden (~> 1.2.3)
    devise-async (0.9.0)
      devise (~> 3.2)
    diff-lcs (1.2.5)
    diffy (3.0.7)
    docile (1.1.5)
    doorkeeper (2.1.0)
      railties (>= 3.1)
    dotenv (1.0.2)
    dropzonejs-rails (0.7.1)
      rails (> 3.1)
    email_spec (1.6.0)
      launchy (~> 2.1)
      mail (~> 2.2)
    emoji (1.0.1)
      json
    enumerize (0.10.1)
      activesupport (>= 3.2)
    equalizer (0.0.9)
    errbase (0.0.2)
    erubis (2.7.0)
    escape_utils (0.2.4)
    eventmachine (1.0.7)
    excon (0.44.4)
    execjs (2.3.0)
    expression_parser (0.9.0)
    factory_girl (4.5.0)
      activesupport (>= 3.0.0)
    factory_girl_rails (4.5.0)
      factory_girl (~> 4.5.0)
      railties (>= 3.0.0)
    faraday (0.8.9)
      multipart-post (~> 1.2.0)
    faraday_middleware (0.9.1)
      faraday (>= 0.7.4, < 0.10)
    fastercsv (1.5.5)
    ffaker (1.32.1)
    ffi (1.9.6)
    fission (0.5.0)
      CFPropertyList (~> 2.2)
    fog (1.28.0)
      fog-atmos
      fog-aws (~> 0.0)
      fog-brightbox (~> 0.4)
      fog-core (~> 1.27, >= 1.27.3)
      fog-ecloud
      fog-json
      fog-profitbricks
      fog-radosgw (>= 0.0.2)
      fog-riakcs
      fog-sakuracloud (>= 0.0.4)
      fog-serverlove
      fog-softlayer
      fog-storm_on_demand
      fog-terremark
      fog-vmfusion
      fog-voxel
      fog-xml (~> 0.1.1)
      ipaddress (~> 0.5)
      nokogiri (~> 1.5, >= 1.5.11)
    fog-atmos (0.1.0)
      fog-core
      fog-xml
    fog-aws (0.1.1)
      fog-core (~> 1.27)
      fog-json (~> 1.0)
      fog-xml (~> 0.1)
      ipaddress (~> 0.8)
    fog-brightbox (0.7.1)
      fog-core (~> 1.22)
      fog-json
      inflecto (~> 0.0.2)
    fog-core (1.29.0)
      builder
      excon (~> 0.38)
      formatador (~> 0.2)
      mime-types
      net-scp (~> 1.1)
      net-ssh (>= 2.1.3)
    fog-ecloud (0.0.2)
      fog-core
      fog-xml
    fog-json (1.0.0)
      multi_json (~> 1.0)
    fog-profitbricks (0.0.1)
      fog-core
      fog-xml
      nokogiri
    fog-radosgw (0.0.3)
      fog-core (>= 1.21.0)
      fog-json
      fog-xml (>= 0.0.1)
    fog-riakcs (0.1.0)
      fog-core
      fog-json
      fog-xml
    fog-sakuracloud (1.0.0)
      fog-core
      fog-json
    fog-serverlove (0.1.1)
      fog-core
      fog-json
    fog-softlayer (0.4.1)
      fog-core
      fog-json
    fog-storm_on_demand (0.1.0)
      fog-core
      fog-json
    fog-terremark (0.0.4)
      fog-core
      fog-xml
    fog-vmfusion (0.0.1)
      fission
      fog-core
    fog-voxel (0.0.2)
      fog-core
      fog-xml
    fog-xml (0.1.1)
      fog-core
      nokogiri (~> 1.5, >= 1.5.11)
    font-awesome-rails (4.3.0.0)
      railties (>= 3.2, < 5.0)
    foreman (0.77.0)
      dotenv (~> 1.0.2)
      thor (~> 0.19.1)
    formatador (0.2.5)
    gemnasium-gitlab-service (0.2.5)
      rugged (~> 0.21)
    get_process_mem (0.2.0)
    gherkin-ruby (0.3.2)
    github-markup (1.3.3)
    gitlab-flowdock-git-hook (0.4.2.2)
      gitlab-grit (>= 2.4.1)
      multi_json
    gitlab-grack (2.0.0.rc2)
      rack (~> 1.5.1)
    gitlab-grit (2.7.3)
      charlock_holmes (~> 0.6)
      diff-lcs (~> 1.1)
      mime-types (~> 1.15)
      posix-spawn (~> 0.3)
    gitlab-linguist (3.0.1)
      charlock_holmes (~> 0.6.6)
      escape_utils (~> 0.2.4)
      mime-types (~> 1.19)
    gitlab_emoji (0.0.1.1)
      emoji (~> 1.0.1)
    gitlab_git (7.0.0.rc15)
      activesupport (~> 4.0)
      charlock_holmes (~> 0.6)
      gitlab-linguist (~> 3.0)
      rugged (~> 0.21.2)
    gitlab_meta (7.0)
    gitlab_omniauth-ldap (1.2.0)
      net-ldap (~> 0.9)
      omniauth (~> 1.0)
      pyu-ruby-sasl (~> 0.0.3.1)
      rubyntlm (~> 0.3)
    gollum-grit_adapter (0.1.3)
      gitlab-grit (~> 2.7, >= 2.7.1)
    gollum-lib (4.0.2)
      github-markup (~> 1.3.1)
      gollum-grit_adapter (~> 0.1, >= 0.1.1)
      nokogiri (~> 1.6.4)
      rouge (~> 1.7.4)
      sanitize (~> 2.1.0)
      stringex (~> 2.5.1)
    gon (5.0.4)
      actionpack (>= 2.3.0)
      json
    grape (0.6.1)
      activesupport
      builder
      hashie (>= 1.2.0)
      multi_json (>= 1.3.2)
      multi_xml (>= 0.5.2)
      rack (>= 1.3.0)
      rack-accept
      rack-mount
      virtus (>= 1.0.0)
    grape-entity (0.4.4)
      activesupport
      multi_json (>= 1.3.2)
    growl (1.0.3)
    guard (2.12.4)
      formatador (>= 0.2.4)
      listen (~> 2.7)
      lumberjack (~> 1.0)
      nenv (~> 0.1)
      notiffany (~> 0.0)
      pry (>= 0.9.12)
      shellany (~> 0.0)
      thor (>= 0.18.1)
    guard-compat (1.2.1)
    guard-rspec (4.5.0)
      guard (~> 2.1)
      guard-compat (~> 1.1)
      rspec (>= 2.99.0, < 4.0)
    guard-spinach (0.0.3)
      guard (>= 1.1)
      spinach
    haml (4.0.6)
      tilt
    haml-rails (0.8.2)
      actionpack (>= 4.0.1)
      activesupport (>= 4.0.1)
      haml (>= 3.1, < 5.0)
      html2haml (>= 1.0.1)
      railties (>= 4.0.1)
    hashie (2.1.2)
    highline (1.6.21)
    hike (1.2.3)
    hipchat (1.4.0)
      httparty
    hitimes (1.2.2)
    html-pipeline (1.11.0)
      activesupport (>= 2)
      nokogiri (~> 1.4)
    html-pipeline-gitlab (0.1.5)
      actionpack (~> 4)
      gitlab_emoji (~> 0.0.1)
      html-pipeline (~> 1.11.0)
      sanitize (~> 2.1)
    html2haml (2.0.0)
      erubis (~> 2.7.0)
      haml (~> 4.0.0)
      nokogiri (~> 1.6.0)
      ruby_parser (~> 3.5)
    http_parser.rb (0.5.3)
    httparty (0.13.3)
      json (~> 1.8)
      multi_xml (>= 0.5.2)
    httpauth (0.2.1)
    httpclient (2.6.0.1)
    i18n (0.7.0)
    ice_nine (0.11.1)
    inflecto (0.0.2)
    ipaddress (0.8.0)
    jasmine (2.0.2)
      jasmine-core (~> 2.0.0)
      phantomjs
      rack (>= 1.2.1)
      rake
    jasmine-core (2.0.2)
    jquery-atwho-rails (0.3.3)
    jquery-rails (3.1.2)
      railties (>= 3.0, < 5.0)
      thor (>= 0.14, < 2.0)
    jquery-scrollto-rails (1.4.3)
      railties (> 3.1, < 5.0)
    jquery-turbolinks (2.1.0)
      railties (>= 3.1.0)
      turbolinks
    jquery-ui-rails (5.0.3)
      railties (>= 3.2.16)
    js-routes (1.0.0)
      railties (>= 3.2)
      sprockets-rails
    json (1.8.2)
    jwt (0.1.13)
      multi_json (>= 1.5)
    kaminari (0.15.1)
      actionpack (>= 3.0.0)
      activesupport (>= 3.0.0)
    kgio (2.9.3)
    launchy (2.4.3)
      addressable (~> 2.3)
    letter_opener (1.3.0)
      launchy (~> 2.2)
    libv8 (3.16.14.7)
    listen (2.8.5)
      celluloid (>= 0.15.2)
      rb-fsevent (>= 0.9.3)
      rb-inotify (>= 0.9)
    lumberjack (1.0.9)
    mail (2.6.3)
      mime-types (>= 1.16, < 3)
    method_source (0.8.2)
    mime-types (1.25.1)
    mini_portile (0.6.2)
    minitest (5.3.5)
    mousetrap-rails (1.4.6)
    multi_json (1.11.0)
    multi_xml (0.5.5)
    multipart-post (1.2.0)
    mysql2 (0.3.18)
    nenv (0.2.0)
    net-ldap (0.11)
    net-scp (1.2.1)
      net-ssh (>= 2.6.5)
    net-ssh (2.9.2)
    netrc (0.10.3)
    newrelic_rpm (3.10.0.279)
    nokogiri (1.6.6.2)
      mini_portile (~> 0.6.0)
    notiffany (0.0.6)
      nenv (~> 0.1)
      shellany (~> 0.0)
    nprogress-rails (0.1.6.6)
    oauth (0.4.7)
    oauth2 (0.8.1)
      faraday (~> 0.8)
      httpauth (~> 0.1)
      jwt (~> 0.1.4)
      multi_json (~> 1.0)
      rack (~> 1.2)
    octokit (3.7.0)
      sawyer (~> 0.6.0, >= 0.5.3)
    omniauth (1.1.4)
      hashie (>= 1.2, < 3)
      rack
    omniauth-bitbucket (0.0.2)
      multi_json (~> 1.7)
      omniauth (~> 1.1)
      omniauth-oauth (~> 1.0)
    omniauth-github (1.1.2)
      omniauth (~> 1.0)
      omniauth-oauth2 (~> 1.1)
    omniauth-gitlab (1.0.0)
      omniauth (~> 1.0)
      omniauth-oauth2 (~> 1.0)
    omniauth-google-oauth2 (0.2.6)
      omniauth (> 1.0)
      omniauth-oauth2 (~> 1.1)
    omniauth-kerberos (0.2.0)
      omniauth-multipassword
      timfel-krb5-auth (~> 0.8)
    omniauth-multipassword (0.4.1)
      omniauth (~> 1.0)
    omniauth-oauth (1.0.1)
      oauth
      omniauth (~> 1.0)
    omniauth-oauth2 (1.1.1)
      oauth2 (~> 0.8.0)
      omniauth (~> 1.0)
    omniauth-shibboleth (1.2.0)
      omniauth (>= 1.0.0)
    omniauth-twitter (1.1.0)
      multi_json (~> 1.3)
      omniauth-oauth (~> 1.0)
    org-ruby (0.9.12)
      rubypants (~> 0.2)
    orm_adapter (0.5.0)
    p4ruby (2014.2.0.pre2)
    parser (2.2.0.3)
      ast (>= 1.1, < 3.0)
    pg (0.18.1)
    phantomjs (1.9.8.0)
    poltergeist (1.5.1)
      capybara (~> 2.1)
      cliver (~> 0.3.1)
      multi_json (~> 1.0)
      websocket-driver (>= 0.2.0)
    posix-spawn (0.3.10)
    powerpack (0.0.9)
    pry (0.10.1)
      coderay (~> 1.1.0)
      method_source (~> 0.8.1)
      slop (~> 3.4)
    pry-rails (0.3.3)
      pry (>= 0.9.10)
    pyu-ruby-sasl (0.0.3.3)
    quiet_assets (1.0.3)
      railties (>= 3.1, < 5.0)
    rack (1.5.2)
    rack-accept (0.4.5)
      rack (>= 0.4)
    rack-attack (4.2.0)
      rack
    rack-cors (0.3.1)
    rack-mini-profiler (0.9.3)
      rack (>= 1.1.3)
    rack-mount (0.8.3)
      rack (>= 1.0.0)
    rack-oauth2 (1.0.10)
      activesupport (>= 2.3)
      attr_required (>= 0.0.5)
      httpclient (>= 2.4)
      multi_json (>= 1.3.6)
      rack (>= 1.1)
    rack-protection (1.5.3)
      rack
    rack-test (0.6.3)
      rack (>= 1.0)
    rack-timeout (0.2.0)
    rails (4.1.9)
      actionmailer (= 4.1.9)
      actionpack (= 4.1.9)
      actionview (= 4.1.9)
      activemodel (= 4.1.9)
      activerecord (= 4.1.9)
      activesupport (= 4.1.9)
      bundler (>= 1.3.0, < 2.0)
      railties (= 4.1.9)
      sprockets-rails (~> 2.0)
    rails-observers (0.1.2)
      activemodel (~> 4.0)
    rails_autolink (1.1.6)
      rails (> 3.1)
    railties (4.1.9)
      actionpack (= 4.1.9)
      activesupport (= 4.1.9)
      rake (>= 0.8.7)
      thor (>= 0.18.1, < 2.0)
    rainbow (2.0.0)
    raindrops (0.13.0)
    rake (10.4.2)
    raphael-rails (2.1.2)
    rb-fsevent (0.9.4)
    rb-inotify (0.9.5)
      ffi (>= 0.5.0)
    rdoc (3.12.2)
      json (~> 1.4)
    redcarpet (3.1.2)
    redis (3.2.1)
    redis-actionpack (4.0.0)
      actionpack (~> 4)
      redis-rack (~> 1.5.0)
      redis-store (~> 1.1.0)
    redis-activesupport (4.0.0)
      activesupport (~> 4)
      redis-store (~> 1.1.0)
    redis-namespace (1.5.1)
      redis (~> 3.0, >= 3.0.4)
    redis-rack (1.5.0)
      rack (~> 1.5)
      redis-store (~> 1.1.0)
    redis-rails (4.0.0)
      redis-actionpack (~> 4)
      redis-activesupport (~> 4)
      redis-store (~> 1.1.0)
    redis-store (1.1.4)
      redis (>= 2.2)
    ref (1.0.5)
    request_store (1.1.0)
    rest-client (1.7.3)
      mime-types (>= 1.16, < 3.0)
      netrc (~> 0.7)
    rinku (1.7.3)
    robustly (0.0.3)
      errbase
    rouge (1.7.7)
    rspec (2.99.0)
      rspec-core (~> 2.99.0)
      rspec-expectations (~> 2.99.0)
      rspec-mocks (~> 2.99.0)
    rspec-collection_matchers (1.1.2)
      rspec-expectations (>= 2.99.0.beta1)
    rspec-core (2.99.2)
    rspec-expectations (2.99.2)
      diff-lcs (>= 1.1.3, < 2.0)
    rspec-mocks (2.99.3)
    rspec-rails (2.99.0)
      actionpack (>= 3.0)
      activemodel (>= 3.0)
      activesupport (>= 3.0)
      railties (>= 3.0)
      rspec-collection_matchers
      rspec-core (~> 2.99.0)
      rspec-expectations (~> 2.99.0)
      rspec-mocks (~> 2.99.0)
    rubocop (0.28.0)
      astrolabe (~> 1.3)
      parser (>= 2.2.0.pre.7, < 3.0)
      powerpack (~> 0.0.6)
      rainbow (>= 1.99.1, < 3.0)
      ruby-progressbar (~> 1.4)
    ruby-progressbar (1.7.1)
    ruby2ruby (2.1.3)
      ruby_parser (~> 3.1)
      sexp_processor (~> 4.0)
    ruby_parser (3.5.0)
      sexp_processor (~> 4.1)
    rubyntlm (0.5.0)
    rubypants (0.2.0)
    rugged (0.21.4)
    rugments (1.0.0.beta4)
    safe_yaml (1.0.4)
    sanitize (2.1.0)
      nokogiri (>= 1.4.4)
    sass (3.2.19)
    sass-rails (4.0.5)
      railties (>= 4.0.0, < 5.0)
      sass (~> 3.2.2)
      sprockets (~> 2.8, < 3.0)
      sprockets-rails (~> 2.0)
    sawyer (0.6.0)
      addressable (~> 2.3.5)
      faraday (~> 0.8, < 0.10)
    sdoc (0.3.20)
      json (>= 1.1.3)
      rdoc (~> 3.10)
    seed-fu (2.3.4)
      activerecord (>= 3.1, <= 4.2)
      activesupport (>= 3.1, <= 4.2)
    select2-rails (3.5.9.3)
      thor (~> 0.14)
    settingslogic (2.0.9)
    sexp_processor (4.4.5)
    shellany (0.0.1)
    shoulda-matchers (2.7.0)
      activesupport (>= 3.0.0)
    sidekiq (3.3.2)
      celluloid (>= 0.16.0)
      connection_pool (>= 2.1.1)
      json
      redis (>= 3.0.6)
      redis-namespace (>= 1.3.1)
    simple_oauth (0.1.9)
    simplecov (0.9.2)
      docile (~> 1.1.0)
      multi_json (~> 1.0)
      simplecov-html (~> 0.9.0)
    simplecov-html (0.9.0)
    sinatra (1.4.5)
      rack (~> 1.4)
      rack-protection (~> 1.4)
      tilt (~> 1.3, >= 1.3.4)
    six (0.2.0)
    slack-notifier (1.0.0)
    slim (3.0.2)
      temple (~> 0.7.3)
      tilt (>= 1.3.3, < 2.1)
    slop (3.6.0)
    slowpoke (0.0.5)
      rack-timeout (>= 0.1.0)
      robustly
    spinach (0.8.10)
      colorize
      gherkin-ruby (>= 0.3.2)
      json
    spinach-rails (0.2.1)
      capybara (>= 2.0.0)
      railties (>= 3)
      spinach (>= 0.4)
    spring (1.3.3)
    spring-commands-rspec (1.0.4)
      spring (>= 0.9.1)
    spring-commands-spinach (1.0.0)
      spring (>= 0.9.1)
    sprockets (2.12.3)
      hike (~> 1.2)
      multi_json (~> 1.0)
      rack (~> 1.0)
      tilt (~> 1.1, != 1.3.0)
    sprockets-rails (2.2.4)
      actionpack (>= 3.0)
      activesupport (>= 3.0)
      sprockets (>= 2.8, < 4.0)
    stamp (0.6.0)
    state_machine (1.2.0)
    stringex (2.5.2)
    temple (0.7.5)
    term-ansicolor (1.3.0)
      tins (~> 1.0)
    terminal-table (1.4.5)
    test_after_commit (0.4.0)
      activerecord (>= 3.2)
    therubyracer (0.12.1)
      libv8 (~> 3.16.14.0)
      ref
    thin (1.6.3)
      daemons (~> 1.0, >= 1.0.9)
      eventmachine (~> 1.0)
      rack (~> 1.0)
    thor (0.19.1)
    thread_safe (0.3.4)
    tilt (1.4.1)
    timers (4.0.1)
      hitimes
    timfel-krb5-auth (0.8.3)
    tinder (1.9.4)
      eventmachine (~> 1.0)
      faraday (~> 0.8.9)
      faraday_middleware (~> 0.9)
      hashie (>= 1.0, < 3)
      json (~> 1.8.0)
      mime-types (~> 1.19)
      multi_json (~> 1.7)
      twitter-stream (~> 0.1)
    tins (1.3.5)
    turbolinks (2.5.3)
      coffee-rails
    twitter-stream (0.1.16)
      eventmachine (>= 0.12.8)
      http_parser.rb (~> 0.5.1)
      simple_oauth (~> 0.1.4)
    tzinfo (1.2.2)
      thread_safe (~> 0.1)
    uglifier (2.7.1)
      execjs (>= 0.3.0)
      json (>= 1.8.0)
    underscore-rails (1.4.4)
    unf (0.1.4)
      unf_ext
    unf_ext (0.0.6)
    unicorn (4.6.3)
      kgio (~> 2.6)
      rack
      raindrops (~> 0.7)
    unicorn-worker-killer (0.4.3)
      get_process_mem (~> 0)
      unicorn (~> 4)
    version_sorter (2.0.0)
    virtus (1.0.4)
      axiom-types (~> 0.1)
      coercible (~> 1.0)
      descendants_tracker (~> 0.0, >= 0.0.3)
      equalizer (~> 0.0, >= 0.0.9)
    warden (1.2.3)
      rack (>= 1.0)
    webmock (1.20.4)
      addressable (>= 2.3.6)
      crack (>= 0.3.2)
    websocket-driver (0.5.3)
      websocket-extensions (>= 0.1.0)
    websocket-extensions (0.1.2)
    wikicloth (0.8.1)
      builder
      expression_parser
      rinku
    xpath (2.0.0)
      nokogiri (~> 1.3)

PLATFORMS
  ruby

DEPENDENCIES
  RedCloth
  ace-rails-ap
  acts-as-taggable-on
  addressable
  annotate (~> 2.6.0.beta2)
  asana (~> 0.0.6)
  asciidoctor (= 0.1.4)
  atomic
  awesome_print
  better_errors
  binding_of_caller
  bootstrap-sass (~> 3.0)
  brakeman
  browser
  byebug
  cal-heatmap-rails (~> 0.0.1)
  capybara (~> 2.2.1)
  carrierwave
  coffee-rails
  colored
  coveralls
  creole (~> 0.3.6)
  d3_rails (~> 3.1.4)
  database_cleaner
  default_value_for (~> 3.0.0)
  devise (= 3.2.4)
  devise-async (= 0.9.0)
  diffy (~> 3.0.3)
  doorkeeper (= 2.1.0)
  dropzonejs-rails
  email_spec
  enumerize
  factory_girl_rails
  ffaker
  fog (~> 1.14)
  font-awesome-rails (~> 4.2)
  foreman
  gemnasium-gitlab-service (~> 0.2)
  github-markup
  gitlab-flowdock-git-hook (~> 0.4.2)
  gitlab-grack (~> 2.0.0.rc2)
  gitlab-linguist (~> 3.0.1)
  gitlab_emoji (~> 0.0.1.1)
  gitlab_git (= 7.0.0.rc15)
  gitlab_meta (= 7.0)
  gitlab_omniauth-ldap (= 1.2.0)
  gollum-lib (~> 4.0.0)
  gon (~> 5.0.0)
  grape (~> 0.6.1)
  grape-entity (~> 0.4.2)
  growl
  guard-rspec
  guard-spinach
  haml-rails
  hipchat (~> 1.4.0)
  html-pipeline-gitlab (~> 0.1.0)
  httparty
  jasmine (= 2.0.2)
  jquery-atwho-rails (~> 0.3.3)
  jquery-rails
  jquery-scrollto-rails
  jquery-turbolinks
  jquery-ui-rails
  js-routes (~> 1.0.0)
  kaminari (~> 0.15.1)
  launchy
  letter_opener
  minitest (~> 5.3.0)
  mousetrap-rails
  mysql2
  newrelic_rpm
  nprogress-rails
  octokit (= 3.7.0)
  omniauth (~> 1.1.3)
  omniauth-bitbucket
  omniauth-github
  omniauth-gitlab
  omniauth-google-oauth2
  omniauth-kerberos
  omniauth-shibboleth
  omniauth-twitter
  org-ruby (= 0.9.12)
  p4ruby (= 2014.2.0.pre2)
  perforce_swarm!
  pg
  poltergeist (~> 1.5.1)
  pry-rails
  quiet_assets (~> 1.0.1)
  rack-attack
  rack-cors
  rack-mini-profiler
  rack-oauth2 (~> 1.0.5)
  rails (~> 4.1.0)
  rails_autolink (~> 1.1)
  raphael-rails (~> 2.1.2)
  rb-fsevent
  rb-inotify
  rdoc (~> 3.6)
  redcarpet (~> 3.1.2)
  redis-rails
  request_store
  rspec-rails (= 2.99)
  rubocop (= 0.28.0)
  rugments
  sanitize (~> 2.0)
  sass-rails (~> 4.0.2)
  sdoc
  seed-fu
  select2-rails
  settingslogic
  shoulda-matchers (~> 2.7.0)
  sidekiq (~> 3.3)
  simplecov
  sinatra
  six
  slack-notifier (~> 1.0.0)
  slim
  slowpoke
  spinach-rails
  spring (~> 1.3.1)
  spring-commands-rspec (= 1.0.4)
  spring-commands-spinach (= 1.0.0)
  stamp
  state_machine
  test_after_commit
  therubyracer
  thin
  tinder (~> 1.9.2)
  turbolinks
  uglifier
  underscore-rails (~> 1.4.4)
  unf
  unicorn (~> 4.6.3)
  unicorn-worker-killer
  version_sorter
  virtus
  webmock
  wikicloth (= 0.8.1)
