GEM
  remote: https://rubygems.org/
  specs:
    childprocess (0.5.6)
      ffi (~> 1.0, >= 1.0.11)
    diff-lcs (1.2.5)
    ffi (1.9.10)
    mime-types (2.4.3)
    minitest (5.3.5)
    multi_json (1.11.2)
    netrc (0.7.7)
    p4ruby (2015.1.0)
    rake (10.4.2)
    rest-client (1.7.2)
      mime-types (>= 1.16, < 3.0)
      netrc (~> 0.7)
    rspec (2.14.1)
      rspec-core (~> 2.14.0)
      rspec-expectations (~> 2.14.0)
      rspec-mocks (~> 2.14.0)
    rspec-core (2.14.8)
    rspec-expectations (2.14.5)
      diff-lcs (>= 1.1.3, < 2.0)
    rspec-mocks (2.14.6)
    rubyzip (1.1.7)
    rugged (0.22.2)
    selenium-phantomjs (0.0.3)
      selenium-webdriver
    selenium-webdriver (2.47.0)
      childprocess (~> 0.5)
      multi_json (~> 1.0)
      rubyzip (~> 1.0)
      websocket (~> 1.0)
    sshkey (1.7.0)
    websocket (1.2.2)

PLATFORMS
  ruby

DEPENDENCIES
  minitest (~> 5.3.0)
  p4ruby (= 2015.1.0)
  rake
  rest-client
  rspec (~> 2.14.0)
  rugged
  selenium-phantomjs
  selenium-webdriver
  sshkey

BUNDLED WITH
   1.10.6
